PATH
  remote: .
  specs:
    activemessaging (0.13.0)
      activesupport
      celluloid

GEM
  remote: https://rubygems.org/
  specs:
    activesupport (4.0.1)
      i18n (~> 0.6, >= 0.6.4)
      minitest (~> 4.2)
      multi_json (~> 1.3)
      thread_safe (~> 0.1)
      tzinfo (~> 0.3.37)
    atomic (1.1.14)
    atomic (1.1.14-java)
    celluloid (0.15.2)
      timers (~> 1.1.0)
    i18n (0.6.5)
    minitest (4.7.5)
    multi_json (1.8.2)
    rake (10.1.0)
    thread_safe (0.1.3)
      atomic
    thread_safe (0.1.3-java)
      atomic
    timers (1.1.0)
    tzinfo (0.3.38)

PLATFORMS
  java
  ruby

DEPENDENCIES
  activemessaging!
  bundler (~> 1.3)
  rake
